GEM
  remote: https://rubygems.org/
  specs:
    bezier (0.0.2)
      chunky_png (~> 1.3.1)
    chunky_png (1.3.8)
    gosu (0.10.8)
    savage (1.2.0)
    trollop (2.1.2)

PLATFORMS
  ruby

DEPENDENCIES
  bezier
  gosu
  savage
  trollop

BUNDLED WITH
   1.13.2
